PATH
  remote: .
  specs:
    diaspora-vines (0.1.1)
      activerecord (~> 4.1.4)
      bcrypt (~> 3.1)
      em-hiredis (~> 0.1.1)
      eventmachine (~> 1.0.3)
      http_parser.rb (~> 0.5.3)
      net-ldap (~> 0.3.1)
      nokogiri (~> 1.5.10)

GEM
  remote: https://rubygems.org/
  specs:
    activemodel (4.1.4)
      activesupport (= 4.1.4)
      builder (~> 3.1)
    activerecord (4.1.4)
      activemodel (= 4.1.4)
      activesupport (= 4.1.4)
      arel (~> 5.0.0)
    activesupport (4.1.4)
      i18n (~> 0.6, >= 0.6.9)
      json (~> 1.7, >= 1.7.7)
      minitest (~> 5.1)
      thread_safe (~> 0.1)
      tzinfo (~> 1.1)
    arel (5.0.1.20140414130214)
    bcrypt (3.1.7)
    builder (3.2.2)
    em-hiredis (0.1.1)
      hiredis (~> 0.4.0)
    eventmachine (1.0.3)
    hiredis (0.4.5)
    http_parser.rb (0.5.3)
    i18n (0.6.11)
    json (1.8.1)
    minitest (5.4.0)
    net-ldap (0.3.1)
    nokogiri (1.5.11)
    rake (10.3.2)
    thread_safe (0.3.4)
    tzinfo (1.2.1)
      thread_safe (~> 0.1)

PLATFORMS
  ruby

DEPENDENCIES
  diaspora-vines!
  minitest (~> 5.3)
  rake (~> 10.3)
